GIT
  remote: https://github.com/websocket-rails/websocket-rails.git
  revision: be5d92764360c04b746030346b93967249a422dd
  branch: threadsocket-rails-sync
  specs:
    websocket-rails (0.7.0)
      connection_pool
      faye-websocket
      hiredis
      puma
      rack
      rails
      redis
      uuidtools

PATH
  remote: vendor/gems
  specs:
    sitefull-cloud (0.1)
      activesupport
      aws-sdk
      azure
      azure_mgmt_compute
      azure_mgmt_network
      azure_mgmt_resources
      azure_mgmt_storage
      faraday
      google-api-client
      multi_json
      net-ssh
      signet

GEM
  remote: https://rubygems.org/
  specs:
    actionmailer (4.2.6)
      actionpack (= 4.2.6)
      actionview (= 4.2.6)
      activejob (= 4.2.6)
      mail (~> 2.5, >= 2.5.4)
      rails-dom-testing (~> 1.0, >= 1.0.5)
    actionpack (4.2.6)
      actionview (= 4.2.6)
      activesupport (= 4.2.6)
      rack (~> 1.6)
      rack-test (~> 0.6.2)
      rails-dom-testing (~> 1.0, >= 1.0.5)
      rails-html-sanitizer (~> 1.0, >= 1.0.2)
    actionview (4.2.6)
      activesupport (= 4.2.6)
      builder (~> 3.1)
      erubis (~> 2.7.0)
      rails-dom-testing (~> 1.0, >= 1.0.5)
      rails-html-sanitizer (~> 1.0, >= 1.0.2)
    activejob (4.2.6)
      activesupport (= 4.2.6)
      globalid (>= 0.3.0)
    activemodel (4.2.6)
      activesupport (= 4.2.6)
      builder (~> 3.1)
    activerecord (4.2.6)
      activemodel (= 4.2.6)
      activesupport (= 4.2.6)
      arel (~> 6.0)
    activesupport (4.2.6)
      i18n (~> 0.7)
      json (~> 1.7, >= 1.7.7)
      minitest (~> 5.1)
      thread_safe (~> 0.3, >= 0.3.4)
      tzinfo (~> 1.1)
    acts-as-taggable-on (3.5.0)
      activerecord (>= 3.2, < 5)
    addressable (2.4.0)
    arel (6.0.3)
    attr_encrypted (3.0.1)
      encryptor (~> 3.0.0)
    autoprefixer-rails (6.3.6.2)
      execjs
    aws-sdk (2.3.13)
      aws-sdk-resources (= 2.3.13)
    aws-sdk-core (2.3.13)
      jmespath (~> 1.0)
    aws-sdk-resources (2.3.13)
      aws-sdk-core (= 2.3.13)
    azure (0.7.5)
      addressable (~> 2.3)
      azure-core (~> 0.1)
      faraday (~> 0.9)
      faraday_middleware (~> 0.10)
      json (~> 1.8)
      mime-types (>= 1, < 3.0)
      nokogiri (~> 1.6)
      systemu (~> 2.6)
      thor (~> 0.19)
      uuid (~> 2.0)
    azure-core (0.1.2)
      faraday (~> 0.9)
      faraday_middleware (~> 0.10)
      nokogiri (~> 1.6)
    azure_mgmt_compute (0.3.1)
      ms_rest_azure (~> 0.2.3)
    azure_mgmt_network (0.3.1)
      ms_rest_azure (~> 0.2.3)
    azure_mgmt_resources (0.3.1)
      ms_rest_azure (~> 0.2.3)
    azure_mgmt_storage (0.3.1)
      ms_rest_azure (~> 0.2.3)
    bcrypt (3.1.11)
    bootstrap-sass (3.3.6)
      autoprefixer-rails (>= 5.2.1)
      sass (>= 3.3.4)
    builder (3.2.2)
    cancancan (1.14.0)
    capybara (2.7.1)
      addressable
      mime-types (>= 1.16)
      nokogiri (>= 1.3.3)
      rack (>= 1.0.0)
      rack-test (>= 0.5.4)
      xpath (~> 2.0)
    capybara-email (2.5.0)
      capybara (~> 2.4)
      mail
    capybara-screenshot (1.0.13)
      capybara (>= 1.0, < 3)
      launchy
    cliver (0.3.2)
    codeclimate-test-reporter (0.5.1)
      simplecov (>= 0.7.1, < 1.0.0)
    coderay (1.1.1)
    coffee-rails (4.1.1)
      coffee-script (>= 2.2.0)
      railties (>= 4.0.0, < 5.1.x)
    coffee-script (2.4.1)
      coffee-script-source
      execjs
    coffee-script-source (1.10.0)
    concurrent-ruby (1.0.2)
    connection_pool (2.2.0)
    database_cleaner (1.5.3)
    devise (4.1.1)
      bcrypt (~> 3.0)
      orm_adapter (~> 0.1)
      railties (>= 4.1.0, < 5.1)
      responders
      warden (~> 1.2.3)
    diff-lcs (1.2.5)
    docile (1.1.5)
    domain_name (0.5.20160310)
      unf (>= 0.0.5, < 1.0.0)
    dotenv (2.1.1)
    dotenv-rails (2.1.1)
      dotenv (= 2.1.1)
      railties (>= 4.0, < 5.1)
    encryptor (3.0.0)
    erubis (2.7.0)
    eventmachine (1.2.0.1)
    execjs (2.7.0)
    factory_girl (4.7.0)
      activesupport (>= 3.0.0)
    factory_girl_rails (4.7.0)
      factory_girl (~> 4.7.0)
      railties (>= 3.0.0)
    faker (1.6.3)
      i18n (~> 0.5)
    faraday (0.9.2)
      multipart-post (>= 1.2, < 3)
    faraday-cookie_jar (0.0.6)
      faraday (>= 0.7.4)
      http-cookie (~> 1.0.0)
    faraday_middleware (0.10.0)
      faraday (>= 0.7.4, < 0.10)
    faye-websocket (0.10.0)
      eventmachine (>= 0.12.0)
      websocket-driver (>= 0.5.1)
    font-awesome-rails (4.6.3.0)
      railties (>= 3.2, < 5.1)
    globalid (0.3.6)
      activesupport (>= 4.1.0)
    google-api-client (0.9.9)
      addressable (~> 2.3)
      googleauth (~> 0.5)
      httpclient (~> 2.7)
      hurley (~> 0.1)
      memoist (~> 0.11)
      mime-types (>= 1.6)
      representable (~> 2.3.0)
      retriable (~> 2.0)
      thor (~> 0.19)
    googleauth (0.5.1)
      faraday (~> 0.9)
      jwt (~> 1.4)
      logging (~> 2.0)
      memoist (~> 0.12)
      multi_json (~> 1.11)
      os (~> 0.9)
      signet (~> 0.7)
    hiredis (0.6.1)
    http-cookie (1.0.2)
      domain_name (~> 0.5)
    httpclient (2.8.0)
    hurley (0.2)
    i18n (0.7.0)
    jbuilder (2.5.0)
      activesupport (>= 3.0.0, < 5.1)
      multi_json (~> 1.2)
    jmespath (1.2.4)
      json_pure (>= 1.8.1)
    jquery-rails (4.1.1)
      rails-dom-testing (>= 1, < 3)
      railties (>= 4.2.0)
      thor (>= 0.14, < 2.0)
    json (1.8.3)
    json_pure (1.8.3)
    jwt (1.5.4)
    kgio (2.10.0)
    launchy (2.4.3)
      addressable (~> 2.3)
    letter_opener (1.4.1)
      launchy (~> 2.2)
    little-plugger (1.1.4)
    logging (2.1.0)
      little-plugger (~> 1.1)
      multi_json (~> 1.10)
    loofah (2.0.3)
      nokogiri (>= 1.5.9)
    macaddr (1.7.1)
      systemu (~> 2.6.2)
    mail (2.6.4)
      mime-types (>= 1.16, < 4)
    memoist (0.14.0)
    method_source (0.8.2)
    mime-types (2.99.2)
    mini_portile2 (2.1.0)
    minitest (5.9.0)
    ms_rest (0.2.1)
      concurrent-ruby (~> 1.0)
      faraday (~> 0.9)
      json (~> 1.7)
      timeliness (~> 0.3)
    ms_rest_azure (0.2.3)
      concurrent-ruby (~> 1.0)
      faraday (~> 0.9)
      faraday-cookie_jar (~> 0.0.6)
      json (~> 1.7)
      ms_rest (~> 0.2.1)
    multi_json (1.12.1)
    multipart-post (2.0.0)
    net-ssh (3.1.1)
    nokogiri (1.6.8)
      mini_portile2 (~> 2.1.0)
      pkg-config (~> 1.1.7)
    orm_adapter (0.5.0)
    os (0.9.6)
    pg (0.18.4)
    pkg-config (1.1.7)
    poltergeist (1.9.0)
      capybara (~> 2.1)
      cliver (~> 0.3.1)
      multi_json (~> 1.0)
      websocket-driver (>= 0.2.0)
    pry (0.10.3)
      coderay (~> 1.1.0)
      method_source (~> 0.8.1)
      slop (~> 3.4)
    pry-rails (0.3.4)
      pry (>= 0.9.10)
    puma (3.4.0)
    quiet_assets (1.1.0)
      railties (>= 3.1, < 5.0)
    rack (1.6.4)
    rack-protection (1.5.3)
      rack
    rack-test (0.6.3)
      rack (>= 1.0)
    rails (4.2.6)
      actionmailer (= 4.2.6)
      actionpack (= 4.2.6)
      actionview (= 4.2.6)
      activejob (= 4.2.6)
      activemodel (= 4.2.6)
      activerecord (= 4.2.6)
      activesupport (= 4.2.6)
      bundler (>= 1.3.0, < 2.0)
      railties (= 4.2.6)
      sprockets-rails
    rails-deprecated_sanitizer (1.0.3)
      activesupport (>= 4.2.0.alpha)
    rails-dom-testing (1.0.7)
      activesupport (>= 4.2.0.beta, < 5.0)
      nokogiri (~> 1.6.0)
      rails-deprecated_sanitizer (>= 1.0.1)
    rails-html-sanitizer (1.0.3)
      loofah (~> 2.0)
    rails_12factor (0.0.3)
      rails_serve_static_assets
      rails_stdout_logging
    rails_serve_static_assets (0.0.5)
    rails_stdout_logging (0.0.5)
    railties (4.2.6)
      actionpack (= 4.2.6)
      activesupport (= 4.2.6)
      rake (>= 0.8.7)
      thor (>= 0.18.1, < 2.0)
    raindrops (0.16.0)
    rake (11.2.2)
    rdoc (4.2.2)
      json (~> 1.4)
    redis (3.3.0)
    representable (2.3.0)
      uber (~> 0.0.7)
    responders (2.2.0)
      railties (>= 4.2.0, < 5.1)
    retriable (2.1.0)
    rspec-activemodel-mocks (1.0.3)
      activemodel (>= 3.0)
      activesupport (>= 3.0)
      rspec-mocks (>= 2.99, < 4.0)
    rspec-collection_matchers (1.1.2)
      rspec-expectations (>= 2.99.0.beta1)
    rspec-core (3.4.4)
      rspec-support (~> 3.4.0)
    rspec-expectations (3.4.0)
      diff-lcs (>= 1.2.0, < 2.0)
      rspec-support (~> 3.4.0)
    rspec-mocks (3.4.1)
      diff-lcs (>= 1.2.0, < 2.0)
      rspec-support (~> 3.4.0)
    rspec-rails (3.4.2)
      actionpack (>= 3.0, < 4.3)
      activesupport (>= 3.0, < 4.3)
      railties (>= 3.0, < 4.3)
      rspec-core (~> 3.4.0)
      rspec-expectations (~> 3.4.0)
      rspec-mocks (~> 3.4.0)
      rspec-support (~> 3.4.0)
    rspec-support (3.4.1)
    sass (3.4.22)
    sass-rails (5.0.4)
      railties (>= 4.0.0, < 5.0)
      sass (~> 3.1)
      sprockets (>= 2.8, < 4.0)
      sprockets-rails (>= 2.0, < 4.0)
      tilt (>= 1.1, < 3)
    sdoc (0.4.1)
      json (~> 1.7, >= 1.7.7)
      rdoc (~> 4.0)
    select2-rails (4.0.2)
      thor (~> 0.14)
    shoulda-matchers (3.1.1)
      activesupport (>= 4.0.0)
    sidekiq (4.1.2)
      concurrent-ruby (~> 1.0)
      connection_pool (~> 2.2, >= 2.2.0)
      redis (~> 3.2, >= 3.2.1)
    sidekiq-failures (0.4.5)
      sidekiq (>= 2.16.0)
    signet (0.7.2)
      addressable (~> 2.3)
      faraday (~> 0.9)
      jwt (~> 1.5)
      multi_json (~> 1.10)
    simple_form (3.2.1)
      actionpack (> 4, < 5.1)
      activemodel (> 4, < 5.1)
    simplecov (0.11.2)
      docile (~> 1.1.0)
      json (~> 1.8)
      simplecov-html (~> 0.10.0)
    simplecov-html (0.10.0)
    sinatra (1.4.7)
      rack (~> 1.5)
      rack-protection (~> 1.4)
      tilt (>= 1.3, < 3)
    slim (3.0.7)
      temple (~> 0.7.6)
      tilt (>= 1.3.3, < 2.1)
    slim-rails (3.1.0)
      actionpack (>= 3.1)
      railties (>= 3.1)
      slim (~> 3.0)
    slop (3.6.0)
    spring (1.7.1)
    sprockets (3.6.0)
      concurrent-ruby (~> 1.0)
      rack (> 1, < 3)
    sprockets-rails (3.0.4)
      actionpack (>= 4.0)
      activesupport (>= 4.0)
      sprockets (>= 3.0.0)
    state_machines (0.4.0)
    state_machines-activemodel (0.4.0)
      activemodel (>= 4.1, < 5.1)
      state_machines (>= 0.4.0)
    state_machines-activerecord (0.4.0)
      activerecord (>= 4.1, < 5.1)
      state_machines-activemodel (>= 0.3.0)
    systemu (2.6.5)
    temple (0.7.7)
    test_after_commit (1.0.0)
      activerecord (>= 3.2)
    thor (0.19.1)
    thread_safe (0.3.5)
    tilt (2.0.5)
    timeliness (0.3.8)
    turbolinks (2.5.3)
      coffee-rails
    tzinfo (1.2.2)
      thread_safe (~> 0.1)
    uber (0.0.15)
    uglifier (3.0.0)
      execjs (>= 0.3.0, < 3)
    unf (0.1.4)
      unf_ext
    unf_ext (0.0.7.2)
    unicorn (5.1.0)
      kgio (~> 2.6)
      raindrops (~> 0.7)
    uuid (2.3.8)
      macaddr (~> 1.0)
    uuidtools (2.1.5)
    warden (1.2.6)
      rack (>= 1.0)
    websocket-driver (0.6.4)
      websocket-extensions (>= 0.1.0)
    websocket-extensions (0.1.2)
    websocket-rails-js (0.0.1)
      rails
    wisper (1.6.1)
    wisper-rspec (0.0.2)
    wisper-sidekiq (0.0.1)
      sidekiq
      wisper
    xpath (2.0.0)
      nokogiri (~> 1.3)

PLATFORMS
  ruby

DEPENDENCIES
  acts-as-taggable-on
  attr_encrypted
  aws-sdk
  bootstrap-sass
  cancancan
  capybara
  capybara-email
  capybara-screenshot
  codeclimate-test-reporter
  coffee-rails
  database_cleaner
  devise
  dotenv-rails
  factory_girl_rails
  faker
  faye-websocket (= 0.10.0)
  font-awesome-rails
  jbuilder
  jquery-rails
  letter_opener
  net-ssh
  pg
  poltergeist
  pry-rails
  quiet_assets
  rails (~> 4.2.6)
  rails_12factor
  rspec-activemodel-mocks
  rspec-collection_matchers
  rspec-rails
  sass-rails
  sdoc
  select2-rails
  shoulda-matchers
  sidekiq
  sidekiq-failures
  simple_form
  simplecov
  sinatra
  sitefull-cloud!
  slim
  slim-rails
  spring
  state_machines-activerecord
  test_after_commit
  turbolinks
  uglifier
  unicorn
  websocket-rails!
  websocket-rails-js
  wisper
  wisper-rspec
  wisper-sidekiq

RUBY VERSION
   ruby 2.3.0p0

BUNDLED WITH
   1.12.5
